{
  "AcquisitionMatrixPE": 70,
  "AcquisitionNumber": 1,
  "AcquisitionTime": "12:49:17.102500",
  "BandwidthPerPixelPhaseEncode": 51.948,
  "BaseResolution": 70,
  "BodyPartExamined": "HEAD",
  "CoilCombinationMethod": "Sum of Squares",
  "ConsistencyInfo": "N4_VE11C_LATEST_20160120",
  "ConversionSoftware": "dcm2niix",
  "ConversionSoftwareVersion": "v1.0.20220720",
  "DerivedVendorReportedEchoSpacing": 0.000550001,
  "DeviceSerialNumber": "66061",
  "DwellTime": 3.3e-06,
  "EchoTime": 0.022,
  "EchoTrainLength": 35,
  "EffectiveEchoSpacing": 0.000275,
  "FlipAngle": 90,
  "HeudiconvVersion": "1.1.1",
  "ImageOrientationPatientDICOM": [0.999905, 0.00312009, 0.0134203, -0.00122163, 0.990263, -0.139207],
  "ImageOrientationText": "Tra>Cor(-8.0)>Sag(0.8)",
  "ImageType": [
    "ORIGINAL",
    "PRIMARY",
    "M",
    "ND",
    "NORM",
    "MOSAIC"
],
  "ImagingFrequency": 123.254,
  "InPlanePhaseEncodingDirectionDICOM": "COL",
  "InstitutionAddress": "Street StreetNo,City/1c4204/,District,KR,ZIP",
  "InstitutionName": "SKKU",
  "InstitutionalDepartmentName": "Department",
  "MRAcquisitionType": "2D",
  "MagneticFieldStrength": 3,
  "Manufacturer": "Siemens",
  "ManufacturersModelName": "Prisma",
  "MatrixCoilMode": "GRAPPA",
  "Modality": "MR",
  "NonlinearGradientCorrection": false,
  "ParallelReductionFactorInPlane": 2,
  "PartialFourier": 1,
  "PatientPosition": "HFS",
  "PercentPhaseFOV": 100,
  "PercentSampling": 100,
  "PhaseEncodingDirection": "j-",
  "PhaseEncodingSteps": 70,
  "PhaseResolution": 1,
  "PixelBandwidth": 2165,
  "ProcedureStepDescription": "Head^PI:Others",
  "ProtocolName": "BOLD_ep2d_3x3x3_dimension1",
  "PulseSequenceDetails": "%SiemensSeq%\\ep2d_pace",
  "ReceiveCoilActiveElements": "HC1-7",
  "ReceiveCoilName": "HeadNeck_64",
  "ReconMatrixPE": 70,
  "RefLinesPE": 24,
  "RepetitionTime": 2,
  "SAR": 0.116266,
  "ScanOptions": "FS",
  "ScanningSequence": "EP",
  "SequenceName": "*epfid2d1_70",
  "SequenceVariant": "SK",
  "SeriesDescription": "BOLD_ep2d_3x3x3_dimension1",
  "SeriesNumber": 4,
  "ShimSetting": [5060, 3685, 4435, 347, -16, -53, 71, 86],
  "SliceThickness": 3,
  "SliceTiming": [0.99, 0, 1.0375, 0.0475, 1.085, 0.095, 1.13, 0.1425, 1.1775, 0.1875, 1.225, 0.235, 1.2725, 0.2825, 1.32, 0.33, 1.3675, 0.3775, 1.415, 0.425, 1.46, 0.47, 1.5075, 0.5175, 1.555, 0.565, 1.6025, 0.6125, 1.65, 0.66, 1.6975, 0.7075, 1.745, 0.755, 1.79, 0.8, 1.8375, 0.8475, 1.885, 0.895, 1.9325, 0.9425],
  "SoftwareVersions": "syngo MR E11",
  "SpacingBetweenSlices": 3,
  "StationName": "AWP66061",
  "TaskName": "dimension",
  "TotalReadoutTime": 0.018975,
  "TxRefAmp": 216.218,
  "dcmmeta_affine": [
    [-2.9997153282165527, -0.0036648751702159643, 0.04117177054286003, 104.94757080078125],
    [-0.009360259398818016, 2.970787525177002, -0.4175323247909546, -95.12640380859375],
    [0.04026079550385475, 0.4176211655139923, 2.970517158508301, -54.74114227294922],
    [0.0, 0.0, 0.0, 1.0]
],
  "dcmmeta_reorient_transform": [
    [0.0, -1.0, 0.0, 69.0],
    [1.0, 0.0, 0.0, 0.0],
    [0.0, 0.0, -1.0, 41.0],
    [0.0, 0.0, 0.0, 1.0]
],
  "dcmmeta_shape": [70, 70, 42, 437],
  "dcmmeta_slice_dim": 2,
  "dcmmeta_version": 0.6,
  "global": {
    "const": {
      "AcquisitionMatrix": [70, 0, 0, 70],
      "AngioFlag": "N",
      "BitsAllocated": 16,
      "BitsStored": 12,
      "BodyPartExamined": "HEAD",
      "Columns": 490,
      "EchoNumbers": 1,
      "EchoTime": 22.0,
      "EchoTrainLength": 35,
      "FlipAngle": 90.0,
      "HighBit": 11,
      "ImageOrientationPatient": [0.99990507626805, 0.00312008633454, 0.01342026507417, -0.0012216250576, 0.9902625431807, -0.1392070515653],
      "ImagePositionPatient": [-735.5533143752, -718.57017167381, 175.11159037815],
      "ImageType": [
        "ORIGINAL",
        "PRIMARY",
        "M",
        "ND",
        "NORM",
        "MOSAIC"
],
      "ImagedNucleus": "1H",
      "ImagingFrequency": 123.254466,
      "InPlanePhaseEncodingDirection": "COL",
      "MRAcquisitionType": "2D",
      "MagneticFieldStrength": 3.0,
      "Manufacturer": "SIEMENS",
      "ManufacturerModelName": "Prisma",
      "Modality": "MR",
      "NumberOfAverages": 1.0,
      "NumberOfPhaseEncodingSteps": 70,
      "PercentPhaseFieldOfView": 100.0,
      "PercentSampling": 100.0,
      "PerformedProcedureStepStartTime": "124326.815000",
      "PhotometricInterpretation": "MONOCHROME2",
      "PixelBandwidth": 2165.0,
      "PixelRepresentation": 0,
      "PixelSpacing": [3.0, 3.0],
      "ProtocolName": "BOLD_ep2d_3x3x3_dimension1",
      "RepetitionTime": 2000.0,
      "Rows": 490,
      "SAR": 0.11626586734012,
      "SamplesPerPixel": 1,
      "ScanOptions": "FS",
      "ScanningSequence": "EP",
      "SequenceName": "*epfid2d1_70",
      "SequenceVariant": "SK",
      "SeriesDescription": "BOLD_ep2d_3x3x3_dimension1",
      "SeriesNumber": 4,
      "SeriesTime": "124935.754000",
      "SliceLocation": 83.476574464578,
      "SliceThickness": 3.0,
      "SmallestImagePixelValue": 0,
      "SoftwareVersions": "syngo MR E11",
      "SpacingBetweenSlices": 2.999999977729,
      "SpecificCharacterSet": "ISO_IR 100",
      "StudyID": "1",
      "StudyTime": "124326.749000",
      "TransmitCoilName": "Body",
      "VariableFlipAngleFlag": "N",
      "WindowCenterWidthExplanation": "Algo1",
      "dBdt": 0.0},
