{
  "AcquisitionMatrixPE": 70,
  "AcquisitionNumber": 1,
  "AcquisitionTime": "13:52:58.722500",
  "BandwidthPerPixelPhaseEncode": 51.948,
  "BaseResolution": 70,
  "BodyPartExamined": "HEAD",
  "CoilCombinationMethod": "Sum of Squares",
  "ConsistencyInfo": "N4_VE11C_LATEST_20160120",
  "ConversionSoftware": "dcm2niix",
  "ConversionSoftwareVersion": "v1.0.20220720",
  "DerivedVendorReportedEchoSpacing": 0.000550001,
  "DeviceSerialNumber": "66061",
  "DwellTime": 3.3e-06,
  "EchoTime": 0.022,
  "EchoTrainLength": 35,
  "EffectiveEchoSpacing": 0.000275,
  "FlipAngle": 90,
  "HeudiconvVersion": "1.1.1",
  "ImageOrientationPatientDICOM": [0.999962, 0.00277875, 0.00820649, -0.00122164, 0.982931, -0.183968],
  "ImageOrientationText": "Tra>Cor(-10.6)>Sag(0.5)",
  "ImageType": [
    "ORIGINAL",
    "PRIMARY",
    "M",
    "ND",
    "NORM",
    "MOSAIC"
],
  "ImagingFrequency": 123.255,
  "InPlanePhaseEncodingDirectionDICOM": "COL",
  "InstitutionAddress": "Street StreetNo,City/1c4204/,District,KR,ZIP",
  "InstitutionName": "SKKU",
  "InstitutionalDepartmentName": "Department",
  "MRAcquisitionType": "2D",
  "MagneticFieldStrength": 3,
  "Manufacturer": "Siemens",
  "ManufacturersModelName": "Prisma",
  "MatrixCoilMode": "GRAPPA",
  "Modality": "MR",
  "NonlinearGradientCorrection": false,
  "ParallelReductionFactorInPlane": 2,
  "PartialFourier": 1,
  "PatientPosition": "HFS",
  "PercentPhaseFOV": 100,
  "PercentSampling": 100,
  "PhaseEncodingDirection": "j-",
  "PhaseEncodingSteps": 70,
  "PhaseResolution": 1,
  "PixelBandwidth": 2165,
  "ProcedureStepDescription": "Head^PI:Others",
  "ProtocolName": "BOLD_ep2d_3x3x3_response1",
  "PulseSequenceDetails": "%SiemensSeq%\\ep2d_pace",
  "ReceiveCoilActiveElements": "HC1-7",
  "ReceiveCoilName": "HeadNeck_64",
  "ReconMatrixPE": 70,
  "RefLinesPE": 24,
  "RepetitionTime": 2,
  "SAR": 0.137674,
  "ScanOptions": "FS",
  "ScanningSequence": "EP",
  "SequenceName": "*epfid2d1_70",
  "SequenceVariant": "SK",
  "SeriesDescription": "BOLD_ep2d_3x3x3_response1",
  "SeriesNumber": 8,
  "ShimSetting": [5037, 3712, 4386, 503, -152, -249, -300, 92],
  "SliceThickness": 3,
  "SliceTiming": [0.99, 0, 1.0375, 0.0475, 1.0825, 0.095, 1.13, 0.14, 1.1775, 0.1875, 1.225, 0.235, 1.2725, 0.2825, 1.32, 0.33, 1.3675, 0.3775, 1.4125, 0.425, 1.46, 0.47, 1.5075, 0.5175, 1.555, 0.565, 1.6025, 0.6125, 1.65, 0.66, 1.6975, 0.7075, 1.7425, 0.755, 1.79, 0.8, 1.8375, 0.8475, 1.885, 0.895, 1.9325, 0.9425],
  "SoftwareVersions": "syngo MR E11",
  "SpacingBetweenSlices": 3,
  "StationName": "AWP66061",
  "TaskName": "response",
  "TotalReadoutTime": 0.018975,
  "TxRefAmp": 231.459,
  "dcmmeta_affine": [
    [-2.999887466430664, -0.003664909629151225, 0.025732850655913353, 104.6957015991211],
    [-0.008336259983479977, 2.948794364929199, -0.5518540740013123, -89.85323333740234],
    [0.024619461968541145, 0.5519048571586609, 2.9486937522888184, -69.75399780273438],
    [0.0, 0.0, 0.0, 1.0]
],
  "dcmmeta_reorient_transform": [
    [0.0, -1.0, 0.0, 69.0],
    [1.0, 0.0, 0.0, 0.0],
    [0.0, 0.0, -1.0, 41.0],
    [0.0, 0.0, 0.0, 1.0]
],
  "dcmmeta_shape": [70, 70, 42, 341],
  "dcmmeta_slice_dim": 2,
  "dcmmeta_version": 0.6,
  "global": {
    "const": {
      "AcquisitionMatrix": [70, 0, 0, 70],
      "AngioFlag": "N",
      "BitsAllocated": 16,
      "BitsStored": 12,
      "BodyPartExamined": "HEAD",
      "Columns": 490,
      "EchoNumbers": 1,
      "EchoTime": 22.0,
      "EchoTrainLength": 35,
      "FlipAngle": 90.0,
      "HighBit": 11,
      "ImageOrientationPatient": [0.99996246534216, 0.00277875342488, 0.00820648744745, -0.0012216365284, 0.98293142161815, -0.1839682798743],
      "ImagePositionPatient": [-734.7045884475, -711.98496140657, 199.95381544399],
      "ImageType": [
        "ORIGINAL",
        "PRIMARY",
        "M",
        "ND",
        "NORM",
        "MOSAIC"
],
      "ImagedNucleus": "1H",
      "ImagingFrequency": 123.254555,
      "InPlanePhaseEncodingDirection": "COL",
      "MRAcquisitionType": "2D",
      "MagneticFieldStrength": 3.0,
      "Manufacturer": "SIEMENS",
      "ManufacturerModelName": "Prisma",
      "Modality": "MR",
      "NumberOfAverages": 1.0,
      "NumberOfPhaseEncodingSteps": 70,
      "PercentPhaseFieldOfView": 100.0,
      "PercentSampling": 100.0,
      "PerformedProcedureStepStartTime": "125327.772000",
      "PhotometricInterpretation": "MONOCHROME2",
      "PixelBandwidth": 2165.0,
      "PixelRepresentation": 0,
      "PixelSpacing": [3.0, 3.0],
      "ProtocolName": "BOLD_ep2d_3x3x3_response1",
      "RepetitionTime": 2000.0,
      "Rows": 490,
      "SAR": 0.13767412997322,
      "SamplesPerPixel": 1,
      "ScanOptions": "FS",
      "ScanningSequence": "EP",
      "SequenceName": "*epfid2d1_70",
      "SequenceVariant": "SK",
      "SeriesDescription": "BOLD_ep2d_3x3x3_response1",
      "SeriesNumber": 8,
      "SeriesTime": "135342.094000",
      "SliceLocation": 71.865609848936,
      "SliceThickness": 3.0,
      "SmallestImagePixelValue": 0,
      "SoftwareVersions": "syngo MR E11",
      "SpacingBetweenSlices": 3.0000000459373,
      "SpecificCharacterSet": "ISO_IR 100",
      "StudyID": "1",
      "StudyTime": "125327.701000",
      "TransmitCoilName": "Body",
      "VariableFlipAngleFlag": "N",
      "WindowCenterWidthExplanation": "Algo1",
      "dBdt": 0.0},
