{
  "AcquisitionMatrixPE": 70,
  "AcquisitionNumber": 1,
  "AcquisitionTime": "15:10:34.917500",
  "BandwidthPerPixelPhaseEncode": 51.02,
  "BaseResolution": 70,
  "BodyPartExamined": "HEAD",
  "CoilCombinationMethod": "Sum of Squares",
  "ConsistencyInfo": "N4_VE11C_LATEST_20160120",
  "ConversionSoftware": "dcm2niix",
  "ConversionSoftwareVersion": "v1.0.20220720",
  "DerivedVendorReportedEchoSpacing": 0.000560004,
  "DeviceSerialNumber": "66061",
  "DwellTime": 3.4e-06,
  "EchoTime": 0.022,
  "EchoTrainLength": 35,
  "EffectiveEchoSpacing": 0.000280002,
  "FlipAngle": 90,
  "HeudiconvVersion": "1.1.1",
  "ImageOrientationPatientDICOM": [0.999998, 0.000885319, -0.00191101, -0.00122174, 0.982935, -0.183949],
  "ImageOrientationText": "Tra>Cor(-10.6)>Sag(-0.1)",
  "ImageType": [
    "ORIGINAL",
    "PRIMARY",
    "M",
    "ND",
    "NORM",
    "MOSAIC"
],
  "ImagingFrequency": 123.254,
  "InPlanePhaseEncodingDirectionDICOM": "COL",
  "InstitutionAddress": "Street StreetNo,City/1c4204/,District,KR,ZIP",
  "InstitutionName": "SKKU",
  "InstitutionalDepartmentName": "Department",
  "MRAcquisitionType": "2D",
  "MagneticFieldStrength": 3,
  "Manufacturer": "Siemens",
  "ManufacturersModelName": "Prisma",
  "MatrixCoilMode": "GRAPPA",
  "Modality": "MR",
  "NonlinearGradientCorrection": false,
  "ParallelReductionFactorInPlane": 2,
  "PartialFourier": 1,
  "PatientPosition": "HFS",
  "PercentPhaseFOV": 100,
  "PercentSampling": 100,
  "PhaseEncodingDirection": "j-",
  "PhaseEncodingSteps": 70,
  "PhaseResolution": 1,
  "PixelBandwidth": 2100,
  "ProcedureStepDescription": "Head^PI:Others",
  "ProtocolName": "BOLD_ep2d_3x3x3_dimension2",
  "PulseSequenceDetails": "%SiemensSeq%\\ep2d_pace",
  "ReceiveCoilActiveElements": "HC1-7",
  "ReceiveCoilName": "HeadNeck_64",
  "ReconMatrixPE": 70,
  "RefLinesPE": 24,
  "RepetitionTime": 2,
  "SAR": 0.138168,
  "ScanOptions": "FS",
  "ScanningSequence": "EP",
  "SequenceName": "*epfid2d1_70",
  "SequenceVariant": "SK",
  "SeriesDescription": "BOLD_ep2d_3x3x3_dimension2",
  "SeriesNumber": 9,
  "ShimSetting": [5051, 3728, 4468, 344, -27, -66, -93, 64],
  "SliceThickness": 3,
  "SliceTiming": [0.99, 0, 1.0375, 0.0475, 1.085, 0.095, 1.1325, 0.1425, 1.1775, 0.1875, 1.225, 0.235, 1.2725, 0.2825, 1.32, 0.33, 1.3675, 0.3775, 1.415, 0.425, 1.4625, 0.4725, 1.5075, 0.5175, 1.555, 0.565, 1.6025, 0.6125, 1.65, 0.66, 1.6975, 0.7075, 1.745, 0.755, 1.7925, 0.8025, 1.8375, 0.8475, 1.885, 0.895, 1.9325, 0.9425],
  "SoftwareVersions": "syngo MR E11",
  "SpacingBetweenSlices": 3,
  "StationName": "AWP66061",
  "TaskName": "dimension",
  "TotalReadoutTime": 0.0193202,
  "TxRefAmp": 238.599,
  "dcmmeta_affine": [
    [-2.999993324279785, -0.0036652260459959507, -0.005146622192114592, 101.82050323486328],
    [-0.0026559566613286734, 2.9488048553466797, -0.5518540143966675, -91.2572250366211],
    [-0.005733018275350332, 0.5518482327461243, 2.9488015174865723, -56.03731155395508],
    [0.0, 0.0, 0.0, 1.0]
],
  "dcmmeta_reorient_transform": [
    [0.0, -1.0, 0.0, 69.0],
    [1.0, 0.0, 0.0, 0.0],
    [0.0, 0.0, -1.0, 41.0],
    [0.0, 0.0, 0.0, 1.0]
],
  "dcmmeta_shape": [70, 70, 42, 437],
  "dcmmeta_slice_dim": 2,
  "dcmmeta_version": 0.6,
  "global": {
    "const": {
      "AcquisitionMatrix": [70, 0, 0, 70],
      "AngioFlag": "N",
      "BitsAllocated": 16,
      "BitsStored": 12,
      "BodyPartExamined": "HEAD",
      "Columns": 490,
      "EchoNumbers": 1,
      "EchoTime": 22.0,
      "EchoTrainLength": 35,
      "FlipAngle": 90.0,
      "HighBit": 11,
      "ImageOrientationPatient": [0.99999778213068, 0.00088531885271, -0.0019110060812, -0.0012217420137, 0.9829349511144, -0.1839494202877],
      "ImagePositionPatient": [-730.58549762314, -709.39106245018, 220.03314885474],
      "ImageType": [
        "ORIGINAL",
        "PRIMARY",
        "M",
        "ND",
        "NORM",
        "MOSAIC"
],
      "ImagedNucleus": "1H",
      "ImagingFrequency": 123.254438,
      "InPlanePhaseEncodingDirection": "COL",
      "MRAcquisitionType": "2D",
      "MagneticFieldStrength": 3.0,
      "Manufacturer": "SIEMENS",
      "ManufacturerModelName": "Prisma",
      "Modality": "MR",
      "NumberOfAverages": 1.0,
      "NumberOfPhaseEncodingSteps": 70,
      "PercentPhaseFieldOfView": 100.0,
      "PercentSampling": 100.0,
      "PerformedProcedureStepStartTime": "134842.644000",
      "PhotometricInterpretation": "MONOCHROME2",
      "PixelBandwidth": 2100.0,
      "PixelRepresentation": 0,
      "PixelSpacing": [3.0, 3.0],
      "ProtocolName": "BOLD_ep2d_3x3x3_dimension2",
      "RepetitionTime": 2000.0,
      "Rows": 490,
      "SAR": 0.13816786914351,
      "SamplesPerPixel": 1,
      "ScanOptions": "FS",
      "ScanningSequence": "EP",
      "SequenceName": "*epfid2d1_70",
      "SequenceVariant": "SK",
      "SeriesDescription": "BOLD_ep2d_3x3x3_dimension2",
      "SeriesNumber": 9,
      "SeriesTime": "151127.416000",
      "SliceLocation": 84.531239981023,
      "SliceThickness": 3.0,
      "SmallestImagePixelValue": 0,
      "SoftwareVersions": "syngo MR E11",
      "SpacingBetweenSlices": 2.9999999942106,
      "SpecificCharacterSet": "ISO_IR 100",
      "StudyID": "1",
      "StudyTime": "134842.591000",
      "TransmitCoilName": "Body",
      "VariableFlipAngleFlag": "N",
      "WindowCenterWidthExplanation": "Algo1",
      "dBdt": 0.0},
