{
  "AcquisitionMatrixPE": 70,
  "AcquisitionNumber": 1,
  "AcquisitionTime": "14:07:8.002500",
  "BandwidthPerPixelPhaseEncode": 51.948,
  "BaseResolution": 70,
  "BodyPartExamined": "HEAD",
  "CoilCombinationMethod": "Sum of Squares",
  "ConsistencyInfo": "N4_VE11C_LATEST_20160120",
  "ConversionSoftware": "dcm2niix",
  "ConversionSoftwareVersion": "v1.0.20220720",
  "DerivedVendorReportedEchoSpacing": 0.000550001,
  "DeviceSerialNumber": "66061",
  "DwellTime": 3.3e-06,
  "EchoTime": 0.022,
  "EchoTrainLength": 35,
  "EffectiveEchoSpacing": 0.000275,
  "FlipAngle": 90,
  "HeudiconvVersion": "1.1.1",
  "ImageOrientationPatientDICOM": [0.999998, 0.00157629, 0.00139674, -0.00122169, 0.974369, -0.224953],
  "ImageOrientationText": "Tra>Cor(-13.0)>Sag(0.1)",
  "ImageType": [
    "ORIGINAL",
    "PRIMARY",
    "M",
    "ND",
    "NORM",
    "MOSAIC"
],
  "ImagingFrequency": 123.255,
  "InPlanePhaseEncodingDirectionDICOM": "COL",
  "InstitutionAddress": "Street StreetNo,City/1c4204/,District,KR,ZIP",
  "InstitutionName": "SKKU",
  "InstitutionalDepartmentName": "Department",
  "MRAcquisitionType": "2D",
  "MagneticFieldStrength": 3,
  "Manufacturer": "Siemens",
  "ManufacturersModelName": "Prisma",
  "MatrixCoilMode": "GRAPPA",
  "Modality": "MR",
  "NonlinearGradientCorrection": false,
  "ParallelReductionFactorInPlane": 2,
  "PartialFourier": 1,
  "PatientPosition": "HFS",
  "PercentPhaseFOV": 100,
  "PercentSampling": 100,
  "PhaseEncodingDirection": "j-",
  "PhaseEncodingSteps": 70,
  "PhaseResolution": 1,
  "PixelBandwidth": 2165,
  "ProcedureStepDescription": "Head^PI:Others",
  "ProtocolName": "BOLD_ep2d_3x3x3_feature2",
  "PulseSequenceDetails": "%SiemensSeq%\\ep2d_pace",
  "ReceiveCoilActiveElements": "HC1-7",
  "ReceiveCoilName": "HeadNeck_64",
  "ReconMatrixPE": 70,
  "RefLinesPE": 24,
  "RepetitionTime": 2,
  "SAR": 0.142498,
  "ScanOptions": "FS",
  "ScanningSequence": "EP",
  "SequenceName": "*epfid2d1_70",
  "SequenceVariant": "SK",
  "SeriesDescription": "BOLD_ep2d_3x3x3_feature2",
  "SeriesNumber": 10,
  "ShimSetting": [5048, 3734, 4438, 485, -118, -167, -53, 101],
  "SliceThickness": 3,
  "SliceTiming": [0.99, 0, 1.0375, 0.0475, 1.085, 0.095, 1.13, 0.1425, 1.1775, 0.1875, 1.225, 0.235, 1.2725, 0.2825, 1.32, 0.33, 1.3675, 0.3775, 1.415, 0.425, 1.46, 0.47, 1.5075, 0.5175, 1.555, 0.565, 1.6025, 0.6125, 1.65, 0.66, 1.6975, 0.7075, 1.745, 0.755, 1.79, 0.8, 1.8375, 0.8475, 1.885, 0.895, 1.9325, 0.9425],
  "SoftwareVersions": "syngo MR E11",
  "SpacingBetweenSlices": 3,
  "StationName": "AWP66061",
  "TaskName": "feature",
  "TotalReadoutTime": 0.018975,
  "TxRefAmp": 271.806,
  "dcmmeta_affine": [
    [-2.999993324279785, -0.0036650674883276224, 0.005146605893969536, 103.35148620605469],
    [-0.004728871863335371, 2.9231064319610596, -0.6748529672622681, -84.17509460449219],
    [0.004190232139080763, 0.6748595833778381, 2.9231057167053223, -75.70437622070312],
    [0.0, 0.0, 0.0, 1.0]
],
  "dcmmeta_reorient_transform": [
    [0.0, -1.0, 0.0, 69.0],
    [1.0, 0.0, 0.0, 0.0],
    [0.0, 0.0, -1.0, 41.0],
    [0.0, 0.0, 0.0, 1.0]
],
  "dcmmeta_shape": [70, 70, 42, 221],
  "dcmmeta_slice_dim": 2,
  "dcmmeta_version": 0.6,
  "global": {
    "const": {
      "AcquisitionMatrix": [70, 0, 0, 70],
      "AngioFlag": "N",
      "BitsAllocated": 16,
      "BitsStored": 12,
      "BodyPartExamined": "HEAD",
      "Columns": 490,
      "EchoNumbers": 1,
      "EchoTime": 22.0,
      "EchoTrainLength": 35,
      "FlipAngle": 90.0,
      "HighBit": 11,
      "ImageOrientationPatient": [0.99999778220449, 0.00157629068458, 0.00139674399108, -0.0012216891642, 0.97436880572824, -0.2249531904626],
      "ImagePositionPatient": [-732.53854779607, -704.69568918312, 231.54882854966],
      "ImageType": [
        "ORIGINAL",
        "PRIMARY",
        "M",
        "ND",
        "NORM",
        "MOSAIC"
],
      "ImagedNucleus": "1H",
      "ImagingFrequency": 123.254545,
      "InPlanePhaseEncodingDirection": "COL",
      "MRAcquisitionType": "2D",
      "MagneticFieldStrength": 3.0,
      "Manufacturer": "SIEMENS",
      "ManufacturerModelName": "Prisma",
      "Modality": "MR",
      "NumberOfAverages": 1.0,
      "NumberOfPhaseEncodingSteps": 70,
      "PercentPhaseFieldOfView": 100.0,
      "PercentSampling": 100.0,
      "PerformedProcedureStepStartTime": "123912.743000",
      "PhotometricInterpretation": "MONOCHROME2",
      "PixelBandwidth": 2165.0,
      "PixelRepresentation": 0,
      "PixelSpacing": [3.0, 3.0],
      "ProtocolName": "BOLD_ep2d_3x3x3_feature2",
      "RepetitionTime": 2000.0,
      "Rows": 490,
      "SAR": 0.14249796048795,
      "SamplesPerPixel": 1,
      "ScanOptions": "FS",
      "ScanningSequence": "EP",
      "SequenceName": "*epfid2d1_70",
      "SequenceVariant": "SK",
      "SeriesDescription": "BOLD_ep2d_3x3x3_feature2",
      "SeriesNumber": 10,
      "SeriesTime": "140723.606000",
      "SliceLocation": 68.348607353194,
      "SliceThickness": 3.0,
      "SmallestImagePixelValue": 0,
      "SoftwareVersions": "syngo MR E11",
      "SpacingBetweenSlices": 2.9999999530189,
      "SpecificCharacterSet": "ISO_IR 100",
      "StudyID": "1",
      "StudyTime": "123912.668000",
      "TransmitCoilName": "Body",
      "VariableFlipAngleFlag": "N",
      "WindowCenterWidthExplanation": "Algo1",
      "dBdt": 0.0},
