{
  "AcquisitionMatrixPE": 70,
  "AcquisitionNumber": 1,
  "AcquisitionTime": "09:43:34.592500",
  "BandwidthPerPixelPhaseEncode": 51.02,
  "BaseResolution": 70,
  "BodyPartExamined": "HEAD",
  "CoilCombinationMethod": "Sum of Squares",
  "ConsistencyInfo": "N4_VE11C_LATEST_20160120",
  "ConversionSoftware": "dcm2niix",
  "ConversionSoftwareVersion": "v1.0.20220720",
  "DerivedVendorReportedEchoSpacing": 0.000560004,
  "DeviceSerialNumber": "66061",
  "DwellTime": 3.4e-06,
  "EchoTime": 0.022,
  "EchoTrainLength": 35,
  "EffectiveEchoSpacing": 0.000280002,
  "FlipAngle": 90,
  "HeudiconvVersion": "1.1.1",
  "ImageOrientationPatientDICOM": [0.998762, 0.01036, 0.0486538, -0.00122024, 0.982881, -0.184239],
  "ImageOrientationText": "Tra>Cor(-10.6)>Sag(2.9)",
  "ImageType": [
    "ORIGINAL",
    "PRIMARY",
    "M",
    "ND",
    "NORM",
    "MOSAIC"
],
  "ImagingFrequency": 123.255,
  "InPlanePhaseEncodingDirectionDICOM": "COL",
  "InstitutionAddress": "Street StreetNo,City/1c4204/,District,KR,ZIP",
  "InstitutionName": "SKKU",
  "InstitutionalDepartmentName": "Department",
  "MRAcquisitionType": "2D",
  "MagneticFieldStrength": 3,
  "Manufacturer": "Siemens",
  "ManufacturersModelName": "Prisma",
  "MatrixCoilMode": "GRAPPA",
  "Modality": "MR",
  "NonlinearGradientCorrection": false,
  "ParallelReductionFactorInPlane": 2,
  "PartialFourier": 1,
  "PatientPosition": "HFS",
  "PercentPhaseFOV": 100,
  "PercentSampling": 100,
  "PhaseEncodingDirection": "j-",
  "PhaseEncodingSteps": 70,
  "PhaseResolution": 1,
  "PixelBandwidth": 2100,
  "ProcedureStepDescription": "Head^PI:Others",
  "ProtocolName": "BOLD_ep2d_3x3x3_response2",
  "PulseSequenceDetails": "%SiemensSeq%\\ep2d_pace",
  "ReceiveCoilActiveElements": "HC1-7",
  "ReceiveCoilName": "HeadNeck_64",
  "ReconMatrixPE": 70,
  "RefLinesPE": 24,
  "RepetitionTime": 2,
  "SAR": 0.121814,
  "ScanOptions": "FS",
  "ScanningSequence": "EP",
  "SequenceName": "*epfid2d1_70",
  "SequenceVariant": "SK",
  "SeriesDescription": "BOLD_ep2d_3x3x3_response2",
  "SeriesNumber": 10,
  "ShimSetting": [5050, 3731, 4308, 265, -25, -38, -124, 53],
  "SliceThickness": 3,
  "SliceTiming": [0.99, 0, 1.0375, 0.0475, 1.085, 0.095, 1.1325, 0.1425, 1.18, 0.19, 1.225, 0.235, 1.2725, 0.2825, 1.32, 0.33, 1.3675, 0.3775, 1.415, 0.425, 1.4625, 0.4725, 1.51, 0.52, 1.555, 0.565, 1.6025, 0.6125, 1.65, 0.66, 1.6975, 0.7075, 1.745, 0.755, 1.7925, 0.8025, 1.8375, 0.85, 1.885, 0.895, 1.9325, 0.9425],
  "SoftwareVersions": "syngo MR E11",
  "SpacingBetweenSlices": 3,
  "StationName": "AWP66061",
  "TaskName": "response",
  "TotalReadoutTime": 0.0193202,
  "TxRefAmp": 219.717,
  "dcmmeta_affine": [
    [-2.996285915374756, -0.0036607247311621904, 0.1491887867450714, 107.2355728149414],
    [-0.031080013141036034, 2.9486422538757324, -0.5518540740013123, -88.44963073730469],
    [0.14596138894557953, 0.5527164340019226, 2.9450297355651855, -64.32439422607422],
    [0.0, 0.0, 0.0, 1.0]
],
  "dcmmeta_reorient_transform": [
    [0.0, -1.0, 0.0, 69.0],
    [1.0, 0.0, 0.0, 0.0],
    [0.0, 0.0, -1.0, 41.0],
    [0.0, 0.0, 0.0, 1.0]
],
  "dcmmeta_shape": [70, 70, 42, 341],
  "dcmmeta_slice_dim": 2,
  "dcmmeta_version": 0.6,
  "global": {
    "const": {
      "AcquisitionMatrix": [70, 0, 0, 70],
      "AngioFlag": "N",
      "BitsAllocated": 16,
      "BitsStored": 12,
      "BodyPartExamined": "HEAD",
      "Columns": 490,
      "EchoNumbers": 1,
      "EchoTime": 22.0,
      "EchoTrainLength": 35,
      "FlipAngle": 90.0,
      "HighBit": 11,
      "ImageOrientationPatient": [0.99876197277189, 0.01036000446527, 0.04865379792256, -0.0012202415843, 0.98288075068258, -0.1842388149879],
      "ImagePositionPatient": [-741.55101486826, -718.1223471464, 179.97781774319],
      "ImageType": [
        "ORIGINAL",
        "PRIMARY",
        "M",
        "ND",
        "NORM",
        "MOSAIC"
],
      "ImagedNucleus": "1H",
      "ImagingFrequency": 123.254597,
      "InPlanePhaseEncodingDirection": "COL",
      "MRAcquisitionType": "2D",
      "MagneticFieldStrength": 3.0,
      "Manufacturer": "SIEMENS",
      "ManufacturerModelName": "Prisma",
      "Modality": "MR",
      "NumberOfAverages": 1.0,
      "NumberOfPhaseEncodingSteps": 70,
      "PercentPhaseFieldOfView": 100.0,
      "PercentSampling": 100.0,
      "PerformedProcedureStepStartTime": "085502.797000",
      "PhotometricInterpretation": "MONOCHROME2",
      "PixelBandwidth": 2100.0,
      "PixelRepresentation": 0,
      "PixelSpacing": [3.0, 3.0],
      "ProtocolName": "BOLD_ep2d_3x3x3_response2",
      "RepetitionTime": 2000.0,
      "Rows": 490,
      "SAR": 0.1218144287613,
      "SamplesPerPixel": 1,
      "ScanOptions": "FS",
      "ScanningSequence": "EP",
      "SequenceName": "*epfid2d1_70",
      "SequenceVariant": "SK",
      "SeriesDescription": "BOLD_ep2d_3x3x3_response2",
      "SeriesNumber": 10,
      "SeriesTime": "094419.331000",
      "SliceLocation": 81.457460196,
      "SliceThickness": 3.0,
      "SmallestImagePixelValue": 0,
      "SoftwareVersions": "syngo MR E11",
      "SpacingBetweenSlices": 2.9999999764232,
      "SpecificCharacterSet": "ISO_IR 100",
      "StudyID": "1",
      "StudyTime": "085502.718000",
      "TransmitCoilName": "Body",
      "VariableFlipAngleFlag": "N",
      "WindowCenterWidthExplanation": "Algo1",
      "dBdt": 0.0},
